GEM
  remote: https://rubygems.org/
  specs:
    amq-protocol (2.3.2)
    bunny (2.23.0)
      amq-protocol (~> 2.3, >= 2.3.1)
      sorted_set (~> 1, >= 1.0.2)
    concurrent-ruby (1.3.4)
    connection_pool (2.4.1)
    json (2.7.2)
    rake (12.3.3)
    rbtree (0.4.6)
    redis (5.3.0)
      redis-client (>= 0.22.0)
    redis-client (0.22.2)
      connection_pool
    serverengine (2.1.1)
      sigdump (~> 0.2.2)
    set (1.1.0)
    sigdump (0.2.5)
    sneakers (2.12.0)
      bunny (~> 2.14)
      concurrent-ruby (~> 1.0)
      rake (~> 12.3)
      serverengine (~> 2.1.0)
      thor
    sorted_set (1.0.3)
      rbtree
      set (~> 1.0)
    thor (1.3.2)

PLATFORMS
  x86_64-linux-musl

DEPENDENCIES
  json
  redis
  sneakers

BUNDLED WITH
   2.4.19
